GEM
  remote: http://rubygems.org/
  remote: http://gems.github.com/
  specs:
    configuration (1.1.0)
    heroku (1.10.5)
      json_pure (>= 1.2.0, < 1.5.0)
      launchy (~> 0.3.2)
      rest-client (~> 1.4.0)
    json (1.4.6)
    json_pure (1.4.6)
    launchy (0.3.7)
      configuration (>= 0.0.5)
      rake (>= 0.8.1)
    mime-types (1.16)
    rack (1.2.1)
    rack-contrib (1.0.1)
      rack (>= 0.9.1)
    rake (0.8.7)
    rest-client (1.4.2)
      mime-types (>= 1.16)
    sequel (3.15.0)
    shotgun (0.8)
      rack (>= 1.0)
    sinatra (1.0)
      rack (>= 1.0)
    sqlite3-ruby (1.3.1)

PLATFORMS
  ruby

DEPENDENCIES
  heroku
  json
  rack
  rack-contrib
  sequel
  shotgun
  sinatra
  sqlite3-ruby
