GEM
  remote: http://rubygems.org/
  remote: http://gems.github.com/
  specs:
    json (1.4.6)
    rack (1.2.1)
    rack-contrib (1.0.1)
      rack (>= 0.9.1)
    sequel (3.15.0)
    shotgun (0.8)
      rack (>= 1.0)
    sinatra (1.0)
      rack (>= 1.0)
    sqlite3-ruby (1.3.1)

PLATFORMS
  ruby

DEPENDENCIES
  json
  rack
  rack-contrib
  sequel
  shotgun
  sinatra
  sqlite3-ruby
