GEM
  remote: http://rubygems.org/
  remote: http://gems.github.com/
  specs:
    activerecord (2.3.8)
      activesupport (= 2.3.8)
    activesupport (2.3.8)
    json (1.4.6)
    rack (1.2.1)
    rack-contrib (1.0.1)
      rack (>= 0.9.1)
    shotgun (0.8)
      rack (>= 1.0)
    sinatra (1.0)
      rack (>= 1.0)
    sqlite3-ruby (1.3.1)

PLATFORMS
  ruby

DEPENDENCIES
  activerecord
  json
  rack
  rack-contrib
  shotgun
  sinatra
  sqlite3-ruby
